GEM
  remote: https://rubygems.org/
  specs:
    crisps (0.1.5)

PLATFORMS
  ruby

DEPENDENCIES
  crisps (= 0.1.5)

BUNDLED WITH
   1.12.5
